GEM
  remote: https://rubygems.org/
  specs:
    minitest (5.14.4)

PLATFORMS
  x86_64-linux

DEPENDENCIES
  minitest (~> 5.10, >= 5.10.3)

BUNDLED WITH
   2.2.31
